PATH
  remote: .
  specs:
    dilithium (0.0.2)
      sequel (~> 4.6.0)

GEM
  remote: https://rubygems.org/
  specs:
    bcrypt-ruby (3.1.2)
    bcrypt-ruby (3.1.2-java)
    diff-lcs (1.2.5)
    rake (10.1.1)
    rspec (2.14.1)
      rspec-core (~> 2.14.0)
      rspec-expectations (~> 2.14.0)
      rspec-mocks (~> 2.14.0)
    rspec-core (2.14.7)
    rspec-expectations (2.14.5)
      diff-lcs (>= 1.1.3, < 2.0)
    rspec-mocks (2.14.5)
    sequel (4.6.0)
    sqlite3 (1.3.8)

PLATFORMS
  java
  ruby

DEPENDENCIES
  bcrypt-ruby (~> 3.1.2)
  dilithium!
  rake (~> 10.1.0)
  rspec (~> 2.14.1)
  sqlite3 (~> 1.3.8)
